Brain Vision Data Exchange Header File Version 1.0
; Written using pybv 0.7.5

[Common Infos]
Codepage=UTF-8
DataFile=sub-1010_task-awake_acq-EO_eeg.eeg
MarkerFile=sub-1010_task-awake_acq-EO_eeg.vmrk
DataFormat=BINARY
; Data orientation: MULTIPLEXED=ch1,pt1, ch2,pt1 ...
DataOrientation=MULTIPLEXED
NumberOfChannels=65
; Sampling interval in microseconds
SamplingInterval=200.0

[Binary Infos]
BinaryFormat=IEEE_FLOAT_32

[Channel Infos]
; Each entry: Ch<Channel number>=<Name>,<Reference channel name>,
; <Resolution in "Unit">,<Unit>, Future extensions..
; Fields are delimited by commas, some fields might be omitted (empty).
; Commas in channel names are coded as "\1".
Ch1=Iz,,0.1,µV
Ch2=O2,,0.1,µV
Ch3=Oz,,0.1,µV
Ch4=O1,,0.1,µV
Ch5=PO8,,0.1,µV
Ch6=PO4,,0.1,µV
Ch7=POz,,0.1,µV
Ch8=PO3,,0.1,µV
Ch9=PO7,,0.1,µV
Ch10=P8,,0.1,µV
Ch11=P6,,0.1,µV
Ch12=P4,,0.1,µV
Ch13=P2,,0.1,µV
Ch14=Pz,,0.1,µV
Ch15=P1,,0.1,µV
Ch16=P3,,0.1,µV
Ch17=P5,,0.1,µV
Ch18=P7,,0.1,µV
Ch19=TP10,,0.1,µV
Ch20=TP8,,0.1,µV
Ch21=CP6,,0.1,µV
Ch22=CP4,,0.1,µV
Ch23=CP2,,0.1,µV
Ch24=CPz,,0.1,µV
Ch25=CP1,,0.1,µV
Ch26=CP3,,0.1,µV
Ch27=CP5,,0.1,µV
Ch28=TP7,,0.1,µV
Ch29=TP9,,0.1,µV
Ch30=T8,,0.1,µV
Ch31=C6,,0.1,µV
Ch32=C4,,0.1,µV
Ch33=C2,,0.1,µV
Ch34=Cz,,0.1,µV
Ch35=C1,,0.1,µV
Ch36=C3,,0.1,µV
Ch37=C5,,0.1,µV
Ch38=T7,,0.1,µV
Ch39=FT8,,0.1,µV
Ch40=FC6,,0.1,µV
Ch41=FC4,,0.1,µV
Ch42=FC2,,0.1,µV
Ch43=FCz,,0.1,µV
Ch44=FC1,,0.1,µV
Ch45=FC3,,0.1,µV
Ch46=FC5,,0.1,µV
Ch47=FT7,,0.1,µV
Ch48=F8,,0.1,µV
Ch49=F6,,0.1,µV
Ch50=F4,,0.1,µV
Ch51=F2,,0.1,µV
Ch52=Fz,,0.1,µV
Ch53=F1,,0.1,µV
Ch54=F3,,0.1,µV
Ch55=F5,,0.1,µV
Ch56=F7,,0.1,µV
Ch57=AF4,,0.1,µV
Ch58=AFz,,0.1,µV
Ch59=AF3,,0.1,µV
Ch60=Fp2,,0.1,µV
Ch61=Fpz,,0.1,µV
Ch62=Fp1,,0.1,µV
Ch63=VEOG,,0.1,µV
Ch64=HEOG,,0.1,µV
Ch65=EMG,,0.1,µV

[Comment]
